GIT
  remote: https://github.com/smartinez87/exception_notification.git
  revision: aa1052f03252b29e829eb7d0be9ea4e62602877d
  specs:
    exception_notification (3.0.0)
      actionmailer (>= 3.0.4)
      tinder (~> 1.8)

GIT
  remote: https://github.com/terraplane/ru_propisju.git
  revision: 606dacf29d483de5d92dd37dd8302b6b8af7d61b
  specs:
    ru_propisju (1.1.5)

GEM
  remote: http://rubygems.org/
  specs:
    actionmailer (3.1.3)
      actionpack (= 3.1.3)
      mail (~> 2.3.0)
    actionpack (3.1.3)
      activemodel (= 3.1.3)
      activesupport (= 3.1.3)
      builder (~> 3.0.0)
      erubis (~> 2.7.0)
      i18n (~> 0.6)
      rack (~> 1.3.5)
      rack-cache (~> 1.1)
      rack-mount (~> 0.8.2)
      rack-test (~> 0.6.1)
      sprockets (~> 2.0.3)
    activemodel (3.1.3)
      activesupport (= 3.1.3)
      builder (~> 3.0.0)
      i18n (~> 0.6)
    activerecord (3.1.3)
      activemodel (= 3.1.3)
      activesupport (= 3.1.3)
      arel (~> 2.2.1)
      tzinfo (~> 0.3.29)
    activeresource (3.1.3)
      activemodel (= 3.1.3)
      activesupport (= 3.1.3)
    activesupport (3.1.3)
      multi_json (~> 1.0)
    ansi (1.4.3)
    arel (2.2.3)
    bcrypt-ruby (3.0.1)
    builder (3.0.4)
    cancan (1.6.8)
    capistrano (2.14.1)
      highline
      net-scp (>= 1.0.0)
      net-sftp (>= 2.0.0)
      net-ssh (>= 2.0.14)
      net-ssh-gateway (>= 1.1.0)
    capistrano_colors (0.5.5)
    carrierwave (0.5.8)
      activesupport (~> 3.0)
    coderay (1.0.8)
    coffee-rails (3.1.1)
      coffee-script (>= 2.2.0)
      railties (~> 3.1.0)
    coffee-script (2.2.0)
      coffee-script-source
      execjs
    coffee-script-source (1.4.0)
    daemon_controller (1.1.0)
    daemons (1.0.10)
    database_cleaner (0.9.1)
    devise (2.2.2)
      bcrypt-ruby (~> 3.0)
      orm_adapter (~> 0.1)
      railties (~> 3.1)
      warden (~> 1.2.1)
    diff-lcs (1.1.3)
    erubis (2.7.0)
    eventmachine (1.0.0)
    execjs (1.4.0)
      multi_json (~> 1.0)
    factory_girl (4.1.0)
      activesupport (>= 3.0.0)
    factory_girl_rails (4.1.0)
      factory_girl (~> 4.1.0)
      railties (>= 3.0.0)
    faraday (0.8.4)
      multipart-post (~> 1.1)
    faraday_middleware (0.9.0)
      faraday (>= 0.7.4, < 0.9)
    fastthread (1.0.7)
    ffaker (1.15.0)
    gem_plugin (0.2.3)
    guard (1.6.1)
      listen (>= 0.6.0)
      lumberjack (>= 1.0.2)
      pry (>= 0.9.10)
      thor (>= 0.14.6)
    guard-bundler (1.0.0)
      bundler (~> 1.0)
      guard (~> 1.1)
    guard-rspec (1.2.1)
      guard (>= 1.1)
    haml (3.1.7)
    haml_assets (0.2.1)
      haml
      tilt
    hashie (1.2.0)
    highline (1.6.15)
    hike (1.2.1)
    hogan_assets (1.4.0)
      execjs (>= 1.2.9)
      sprockets (>= 2.0.3)
      tilt (>= 1.3.3)
    http_parser.rb (0.5.3)
    i18n (0.6.1)
    jquery-rails (1.0.19)
      railties (~> 3.0)
      thor (~> 0.14)
    json (1.7.6)
    libv8 (3.11.8.13)
    listen (0.7.2)
    lumberjack (1.0.2)
    mail (2.3.3)
      i18n (>= 0.4.0)
      mime-types (~> 1.16)
      treetop (~> 1.4.8)
    method_source (0.8.1)
    mime-types (1.19)
    mongrel (1.2.0.pre2)
      daemons (~> 1.0.10)
      gem_plugin (~> 0.2.3)
    multi_json (1.5.0)
    multipart-post (1.1.5)
    mustache (0.99.4)
    net-scp (1.0.4)
      net-ssh (>= 1.99.1)
    net-sftp (2.0.5)
      net-ssh (>= 2.0.9)
    net-ssh (2.6.3)
    net-ssh-gateway (1.1.0)
      net-ssh (>= 1.99.1)
    nifty-generators (0.4.6)
    orm_adapter (0.4.0)
    passenger (3.0.19)
      daemon_controller (>= 1.0.0)
      fastthread (>= 1.0.1)
      rack
      rake (>= 0.8.1)
    pg (0.14.1)
    polyglot (0.3.3)
    pry (0.9.11.3)
      coderay (~> 1.0.5)
      method_source (~> 0.8)
      slop (~> 3.4)
    rack (1.3.5)
    rack-cache (1.2)
      rack (>= 0.4)
    rack-mount (0.8.3)
      rack (>= 1.0.0)
    rack-ssl (1.3.2)
      rack
    rack-test (0.6.2)
      rack (>= 1.0)
    rails (3.1.3)
      actionmailer (= 3.1.3)
      actionpack (= 3.1.3)
      activerecord (= 3.1.3)
      activeresource (= 3.1.3)
      activesupport (= 3.1.3)
      bundler (~> 1.0)
      railties (= 3.1.3)
    rails3-jquery-autocomplete (1.0.10)
      rails (~> 3.0)
    railties (3.1.3)
      actionpack (= 3.1.3)
      activesupport (= 3.1.3)
      rack-ssl (~> 1.3.2)
      rake (>= 0.8.7)
      rdoc (~> 3.4)
      thor (~> 0.14.6)
    rake (10.0.3)
    rdoc (3.12)
      json (~> 1.4)
    ref (1.0.2)
    riddle (1.5.4)
    rspec (2.7.0)
      rspec-core (~> 2.7.0)
      rspec-expectations (~> 2.7.0)
      rspec-mocks (~> 2.7.0)
    rspec-core (2.7.1)
    rspec-expectations (2.7.0)
      diff-lcs (~> 1.1.2)
    rspec-mocks (2.7.0)
    rspec-rails (2.7.0)
      actionpack (~> 3.0)
      activesupport (~> 3.0)
      railties (~> 3.0)
      rspec (~> 2.7.0)
    ruby-graphviz (1.0.8)
    rvm-capistrano (1.2.7)
      capistrano (>= 2.0.0)
    sass (3.2.5)
    sass-rails (3.1.7)
      actionpack (~> 3.1.0)
      railties (~> 3.1.0)
      sass (>= 3.1.10)
      tilt (~> 1.3.2)
    simple_oauth (0.1.9)
    slop (3.4.3)
    smt_rails (0.2.4)
      mustache (>= 0.99.4)
      rails (>= 3.1.0)
      sprockets (>= 2.0.3)
      tilt (>= 1.3.3)
    sprockets (2.0.4)
      hike (~> 1.2)
      rack (~> 1.0)
      tilt (~> 1.1, != 1.3.0)
    state_machine (1.1.2)
    stringex (1.5.1)
    therubyracer (0.11.3)
      libv8 (~> 3.11.8.12)
      ref
    thinking-sphinx (2.0.13)
      activerecord (>= 3.0.3)
      builder (>= 2.1.2)
      riddle (>= 1.5.3)
    thor (0.14.6)
    tilt (1.3.3)
    tinder (1.9.2)
      eventmachine (~> 1.0)
      faraday (~> 0.8)
      faraday_middleware (~> 0.9)
      hashie (~> 1.0)
      json (~> 1.7.5)
      mime-types (~> 1.19)
      multi_json (~> 1.5)
      twitter-stream (~> 0.1)
    treetop (1.4.12)
      polyglot
      polyglot (>= 0.3.1)
    turn (0.9.6)
      ansi
    twitter-stream (0.1.16)
      eventmachine (>= 0.12.8)
      http_parser.rb (~> 0.5.1)
      simple_oauth (~> 0.1.4)
    tzinfo (0.3.35)
    uglifier (1.3.0)
      execjs (>= 0.3.0)
      multi_json (~> 1.0, >= 1.0.2)
    warden (1.2.1)
      rack (>= 1.0)
    will_paginate (3.0.4)

PLATFORMS
  ruby

DEPENDENCIES
  cancan
  capistrano
  capistrano_colors
  carrierwave
  coffee-rails (~> 3.1.0)
  database_cleaner
  devise
  exception_notification!
  factory_girl_rails
  ffaker (~> 1.5)
  guard-bundler
  guard-rspec
  haml
  haml_assets
  hogan_assets
  jquery-rails (= 1.0.19)
  mongrel (>= 1.2.0.pre2)
  nifty-generators
  passenger
  pg
  rack (= 1.3.5)
  rails (= 3.1.3)
  rails3-jquery-autocomplete (~> 1.0.9)
  rspec-rails (~> 2.7.0)
  ru_propisju!
  ruby-graphviz
  rvm-capistrano
  sass-rails (~> 3.1.0)
  smt_rails (~> 0.2.1)
  state_machine
  stringex
  therubyracer
  thinking-sphinx (= 2.0.13)
  turn
  uglifier
  will_paginate (~> 3.0)
